GEM
  remote: https://rubygems.org/
  specs:
    activemodel (6.1.4.4)
      activesupport (= 6.1.4.4)
    activerecord (6.1.4.4)
      activemodel (= 6.1.4.4)
      activesupport (= 6.1.4.4)
    activesupport (6.1.4.4)
      concurrent-ruby (~> 1.0, >= 1.0.2)
      i18n (>= 1.6, < 2)
      minitest (>= 5.1)
      tzinfo (~> 2.0)
      zeitwerk (~> 2.3)
    bcrypt (3.1.16)
    better_errors (2.9.1)
      coderay (>= 1.0.0)
      erubi (>= 1.0.0)
      rack (>= 0.9.0)
    coderay (1.1.3)
    concurrent-ruby (1.1.9)
    coveralls (0.8.23)
      json (>= 1.8, < 3)
      simplecov (~> 0.16.1)
      term-ansicolor (~> 1.3)
      thor (>= 0.19.4, < 2.0)
      tins (~> 1.6)
    daemons (1.4.1)
    diff-lcs (1.5.0)
    docile (1.4.0)
    erubi (1.10.0)
    erubis (2.7.0)
    eventmachine (1.2.7)
    factory_bot (4.8.2)
      activesupport (>= 3.0.0)
    ffi (1.15.5)
    formatador (1.1.0)
    guard (2.18.0)
      formatador (>= 0.2.4)
      listen (>= 2.7, < 4.0)
      lumberjack (>= 1.0.12, < 2.0)
      nenv (~> 0.1)
      notiffany (~> 0.0)
      pry (>= 0.13.0)
      shellany (~> 0.0)
      thor (>= 0.18.1)
    guard-compat (1.2.1)
    guard-rspec (4.7.3)
      guard (~> 2.1)
      guard-compat (~> 1.1)
      rspec (>= 2.99.0, < 4.0)
    i18n (1.9.1)
      concurrent-ruby (~> 1.0)
    json (2.6.1)
    libnotify (0.9.3)
      ffi (>= 1.0.11)
    listen (3.7.1)
      rb-fsevent (~> 0.10, >= 0.10.3)
      rb-inotify (~> 0.9, >= 0.9.10)
    lumberjack (1.2.8)
    mail (2.7.1)
      mini_mime (>= 0.1.1)
    method_source (1.0.0)
    mime-types (3.4.1)
      mime-types-data (~> 3.2015)
    mime-types-data (3.2022.0105)
    mini_mime (1.1.2)
    minitest (5.15.0)
    moneta (1.1.1)
    mustermann (1.1.1)
      ruby2_keywords (~> 0.0.1)
    nenv (0.3.0)
    notiffany (0.1.3)
      nenv (~> 0.1)
      shellany (~> 0.0)
    padrino (0.15.1)
      padrino-admin (= 0.15.1)
      padrino-cache (= 0.15.1)
      padrino-core (= 0.15.1)
      padrino-gen (= 0.15.1)
      padrino-helpers (= 0.15.1)
      padrino-mailer (= 0.15.1)
      padrino-support (= 0.15.1)
    padrino-admin (0.15.1)
      padrino-core (= 0.15.1)
      padrino-helpers (= 0.15.1)
    padrino-cache (0.15.1)
      moneta (~> 1.1.0)
      padrino-core (= 0.15.1)
      padrino-helpers (= 0.15.1)
    padrino-core (0.15.1)
      padrino-support (= 0.15.1)
      sinatra (>= 2.0.0)
      thor (~> 1.0)
    padrino-gen (0.15.1)
      bundler (>= 1.0, < 3)
      padrino-core (= 0.15.1)
    padrino-helpers (0.15.1)
      i18n (>= 0.6.7, < 2)
      padrino-support (= 0.15.1)
      tilt (>= 1.4.1, < 3)
    padrino-mailer (0.15.1)
      mail (~> 2.5)
      mime-types (< 4)
      padrino-core (= 0.15.1)
    padrino-support (0.15.1)
    pry (0.14.1)
      coderay (~> 1.1)
      method_source (~> 1.0)
    rack (2.2.3)
    rack-protection (2.1.0)
      rack
    rack-test (1.1.0)
      rack (>= 1.0, < 3)
    rake (13.0.6)
    rb-fsevent (0.11.0)
    rb-inotify (0.10.1)
      ffi (~> 1.0)
    redcarpet (3.5.1)
    rspec (3.10.0)
      rspec-core (~> 3.10.0)
      rspec-expectations (~> 3.10.0)
      rspec-mocks (~> 3.10.0)
    rspec-core (3.10.2)
      rspec-support (~> 3.10.0)
    rspec-expectations (3.10.2)
      diff-lcs (>= 1.2.0, < 2.0)
      rspec-support (~> 3.10.0)
    rspec-mocks (3.10.3)
      diff-lcs (>= 1.2.0, < 2.0)
      rspec-support (~> 3.10.0)
    rspec-support (3.10.3)
    ruby2_keywords (0.0.5)
    shellany (0.0.1)
    simplecov (0.16.1)
      docile (~> 1.1)
      json (>= 1.8, < 3)
      simplecov-html (~> 0.10.0)
    simplecov-html (0.10.2)
    sinatra (2.1.0)
      mustermann (~> 1.0)
      rack (~> 2.2)
      rack-protection (= 2.1.0)
      tilt (~> 2.0)
    sqlite3 (1.4.2)
    sync (0.5.0)
    term-ansicolor (1.7.1)
      tins (~> 1.0)
    thin (1.7.2)
      daemons (~> 1.0, >= 1.0.9)
      eventmachine (~> 1.0, >= 1.0.4)
      rack (>= 1, < 3)
    thor (1.2.1)
    tilt (2.0.10)
    tins (1.31.0)
      sync
    tzinfo (2.0.4)
      concurrent-ruby (~> 1.0)
    wirble (0.1.3)
    zeitwerk (2.5.4)

PLATFORMS
  x86_64-linux

DEPENDENCIES
  activerecord (~> 6.0)
  bcrypt (~> 3.1.11)
  better_errors (~> 2.4)
  coveralls
  erubis (~> 2.7.0)
  factory_bot (~> 4.8.2)
  guard-rspec (~> 4.7)
  libnotify (= 0.9.3)
  padrino (= 0.15.1)
  pry (~> 0.11)
  rack-test (~> 1.0)
  rake (~> 13.0)
  redcarpet (~> 3.5)
  rspec (~> 3.6)
  sqlite3 (~> 1.4)
  thin (~> 1.7.0)
  tilt (~> 2.0.7)
  wirble (= 0.1.3)

BUNDLED WITH
   2.2.26
